GEM
  remote: http://rubygems.org/
  specs:
    faraday (0.8.1)
      multipart-post (~> 1.1)
    foreman (0.49.0)
      thor (>= 0.13.6)
    multipart-post (1.1.5)
    thor (0.15.4)

PLATFORMS
  ruby

DEPENDENCIES
  faraday (~> 0.8.0)
  foreman (~> 0.49.0)
